PATH
  remote: .
  specs:
    bert (1.1.6)

GEM
  remote: https://rubygems.org/
  specs:
    power_assert (0.2.6)
    rake (12.3.2)
    test-unit (3.1.5)
      power_assert
    thoughtbot-shoulda (2.11.1)

PLATFORMS
  ruby

DEPENDENCIES
  bert!
  rake!
  test-unit!
  thoughtbot-shoulda!

BUNDLED WITH
   2.1.4
